GEM
  remote: http://rubygems.org/
  specs:
    RedCloth (4.2.3)
    git (1.2.5)
    jeweler (1.5.2)
      bundler (~> 1.0.0)
      git (>= 1.2.5)
      rake
    rake (0.8.7)
    yard (0.6.4)

PLATFORMS
  ruby

DEPENDENCIES
  RedCloth
  bundler (~> 1.0.0)
  jeweler (~> 1.5.2)
  yard (~> 0.6.0)
